PATH
  remote: .
  specs:
    fms-admin-api (0.3)
      activesupport
      colorize

GEM
  remote: http://rubygems.org/
  specs:
    activesupport (3.2.7)
      i18n (~> 0.6)
      multi_json (~> 1.0)
    addressable (2.2.6)
    colorize (0.5.8)
    crack (0.4.3)
      safe_yaml (~> 1.0.0)
    i18n (0.6.0)
    metaclass (0.0.1)
    mocha (0.12.3)
      metaclass (~> 0.0.1)
    multi_json (1.3.6)
    rake (0.9.2.2)
    safe_yaml (1.0.5)
    webmock (1.7.8)
      addressable (~> 2.2, > 2.2.5)
      crack (>= 0.1.7)

PLATFORMS
  ruby

DEPENDENCIES
  fms-admin-api!
  mocha
  rake
  webmock
