PATH
  remote: .
  specs:
    fms-admin-api (0.3)
      activesupport
      colorize

GEM
  remote: http://rubygems.org/
  specs:
    activesupport (6.0.0)
      concurrent-ruby (~> 1.0, >= 1.0.2)
      i18n (>= 0.7, < 2)
      minitest (~> 5.1)
      tzinfo (~> 1.1)
      zeitwerk (~> 2.1, >= 2.1.8)
    addressable (2.2.6)
    colorize (0.5.8)
    concurrent-ruby (1.1.5)
    crack (0.3.1)
    i18n (1.7.0)
      concurrent-ruby (~> 1.0)
    metaclass (0.0.1)
    minitest (5.12.2)
    mocha (0.12.3)
      metaclass (~> 0.0.1)
    rake (0.9.2.2)
    thread_safe (0.3.6)
    tzinfo (1.2.5)
      thread_safe (~> 0.1)
    webmock (1.7.8)
      addressable (~> 2.2, > 2.2.5)
      crack (>= 0.1.7)
    zeitwerk (2.2.0)

PLATFORMS
  ruby

DEPENDENCIES
  fms-admin-api!
  mocha
  rake
  webmock
