PATH
  remote: .
  specs:
    fms-admin-api (0.3)
      activesupport
      colorize

GEM
  remote: http://rubygems.org/
  specs:
    activesupport (7.0.4.1)
      concurrent-ruby (~> 1.0, >= 1.0.2)
      i18n (>= 1.6, < 2)
      minitest (>= 5.1)
      tzinfo (~> 2.0)
    addressable (2.2.6)
    colorize (0.5.8)
    concurrent-ruby (1.1.10)
    crack (0.3.1)
    i18n (1.12.0)
      concurrent-ruby (~> 1.0)
    metaclass (0.0.1)
    minitest (5.17.0)
    mocha (0.12.3)
      metaclass (~> 0.0.1)
    rake (0.9.2.2)
    tzinfo (2.0.5)
      concurrent-ruby (~> 1.0)
    webmock (1.7.8)
      addressable (~> 2.2, > 2.2.5)
      crack (>= 0.1.7)

PLATFORMS
  ruby

DEPENDENCIES
  fms-admin-api!
  mocha
  rake
  webmock
